PATH
  remote: .
  specs:
    sinatra_auth_github (1.0.0)
      activesupport (~> 3.0.0)
      bson_ext
      chronic
      chronic_duration
      i18n
      json
      mongo
      newrelic_rpm
      octokit
      rack-flash3
      rake
      rest-client
      sinatra (~> 1.0)
      time_difference
      tzinfo
      unicorn
      warden-github (~> 1.0)

PATH
  remote: qless/qless-master
  specs:
    qless (0.10.1.pre)
      redis (>= 2.2)

GEM
  remote: http://rubygems.org/
  specs:
    activesupport (3.0.20)
    addressable (2.3.6)
    bson (4.6.0)
    bson_ext (1.5.1)
    chronic (0.10.2)
    chronic_duration (0.10.4)
      numerizer (~> 0.1.1)
    concurrent-ruby (1.1.5)
    diff-lcs (1.1.3)
    faraday (0.9.0)
      multipart-post (>= 1.2, < 3)
    i18n (1.7.0)
      concurrent-ruby (~> 1.0)
    json (1.8.1)
    kgio (2.9.2)
    mime-types (2.3)
    mongo (2.11.0)
      bson (>= 4.6.0, < 5.0.0)
    multipart-post (2.0.0)
    newrelic_rpm (3.8.1.221)
    numerizer (0.1.1)
    octokit (3.1.0)
      sawyer (~> 0.5.3)
    rack (1.5.2)
    rack-flash3 (1.0.5)
      rack
    rack-protection (1.5.3)
      rack
    rack-test (0.5.7)
      rack (>= 1.0)
    raindrops (0.13.0)
    rake (10.3.2)
    randexp (0.1.7)
    redis (3.0.7)
    rest-client (1.6.7)
      mime-types (>= 1.16)
    rspec (2.4.0)
      rspec-core (~> 2.4.0)
      rspec-expectations (~> 2.4.0)
      rspec-mocks (~> 2.4.0)
    rspec-core (2.4.0)
    rspec-expectations (2.4.0)
      diff-lcs (~> 1.1.2)
    rspec-mocks (2.4.0)
    sawyer (0.5.4)
      addressable (~> 2.3.5)
      faraday (~> 0.8, < 0.10)
    shotgun (0.9)
      rack (>= 1.0)
    sinatra (1.4.5)
      rack (~> 1.4)
      rack-protection (~> 1.4)
      tilt (~> 1.3, >= 1.3.4)
    thread_safe (0.3.4)
    tilt (1.4.1)
    time_difference (0.3.2)
      activesupport
    tzinfo (1.2.0)
      thread_safe (~> 0.1)
    unicorn (4.8.3)
      kgio (~> 2.6)
      rack
      raindrops (~> 0.7)
    warden (1.2.3)
      rack (>= 1.0)
    warden-github (1.0.1)
      octokit (> 2.1.0)
      warden (> 1.0)

PLATFORMS
  ruby

DEPENDENCIES
  qless!
  rack-test (~> 0.5.3)
  rake
  randexp (~> 0.1.5)
  rspec (~> 2.4.0)
  shotgun
  sinatra_auth_github!
