PATH
  remote: .
  specs:
    sinatra_auth_github (1.0.0)
      activesupport (~> 3.0.0)
      bson_ext
      chronic
      chronic_duration
      i18n
      json
      mongo
      newrelic_rpm
      octokit
      rack-flash3
      rake
      rest-client
      sinatra (>= 1, < 3)
      time_difference
      tzinfo
      unicorn
      warden-github (~> 1.0)

PATH
  remote: qless/qless-master
  specs:
    qless (0.10.1.pre)
      redis (>= 2.2)

GEM
  remote: http://rubygems.org/
  specs:
    activesupport (3.0.20)
    addressable (2.8.0)
      public_suffix (>= 2.0.2, < 5.0)
    bson (1.12.5)
    bson_ext (1.12.5)
      bson (~> 1.12.5)
    chronic (0.10.2)
    chronic_duration (0.10.6)
      numerizer (~> 0.1.1)
    concurrent-ruby (1.1.10)
    diff-lcs (1.1.3)
    domain_name (0.5.20190701)
      unf (>= 0.0.5, < 1.0.0)
    faraday (1.10.0)
      faraday-em_http (~> 1.0)
      faraday-em_synchrony (~> 1.0)
      faraday-excon (~> 1.1)
      faraday-httpclient (~> 1.0)
      faraday-multipart (~> 1.0)
      faraday-net_http (~> 1.0)
      faraday-net_http_persistent (~> 1.0)
      faraday-patron (~> 1.0)
      faraday-rack (~> 1.0)
      faraday-retry (~> 1.0)
      ruby2_keywords (>= 0.0.4)
    faraday-em_http (1.0.0)
    faraday-em_synchrony (1.0.0)
    faraday-excon (1.1.0)
    faraday-httpclient (1.0.1)
    faraday-multipart (1.0.3)
      multipart-post (>= 1.2, < 3)
    faraday-net_http (1.0.1)
    faraday-net_http_persistent (1.2.0)
    faraday-patron (1.0.0)
    faraday-rack (1.0.0)
    faraday-retry (1.0.3)
    http-accept (1.7.0)
    http-cookie (1.0.4)
      domain_name (~> 0.5)
    i18n (1.10.0)
      concurrent-ruby (~> 1.0)
    json (2.6.1)
    kgio (2.11.4)
    mime-types (3.4.1)
      mime-types-data (~> 3.2015)
    mime-types-data (3.2022.0105)
    mongo (1.12.5)
      bson (= 1.12.5)
    multipart-post (2.1.1)
    mustermann (1.1.1)
      ruby2_keywords (~> 0.0.1)
    netrc (0.11.0)
    newrelic_rpm (8.7.0)
    numerizer (0.1.1)
    octokit (4.22.0)
      faraday (>= 0.9)
      sawyer (~> 0.8.0, >= 0.5.3)
    public_suffix (4.0.7)
    rack (2.2.3)
    rack-flash3 (1.0.5)
      rack
    rack-protection (2.2.0)
      rack
    rack-test (0.5.7)
      rack (>= 1.0)
    raindrops (0.20.0)
    rake (10.3.2)
    randexp (0.1.7)
    redis (3.0.7)
    rest-client (2.1.0)
      http-accept (>= 1.7.0, < 2.0)
      http-cookie (>= 1.0.2, < 2.0)
      mime-types (>= 1.16, < 4.0)
      netrc (~> 0.8)
    rspec (2.4.0)
      rspec-core (~> 2.4.0)
      rspec-expectations (~> 2.4.0)
      rspec-mocks (~> 2.4.0)
    rspec-core (2.4.0)
    rspec-expectations (2.4.0)
      diff-lcs (~> 1.1.2)
    rspec-mocks (2.4.0)
    ruby2_keywords (0.0.5)
    sawyer (0.8.2)
      addressable (>= 2.3.5)
      faraday (> 0.8, < 2.0)
    shotgun (0.9)
      rack (>= 1.0)
    sinatra (2.2.0)
      mustermann (~> 1.0)
      rack (~> 2.2)
      rack-protection (= 2.2.0)
      tilt (~> 2.0)
    tilt (2.0.10)
    time_difference (0.5.0)
      activesupport
    tzinfo (2.0.4)
      concurrent-ruby (~> 1.0)
    unf (0.1.4)
      unf_ext
    unf_ext (0.0.8.1)
    unicorn (6.1.0)
      kgio (~> 2.6)
      raindrops (~> 0.7)
    warden (1.2.9)
      rack (>= 2.0.9)
    warden-github (1.3.2)
      activesupport (> 3.0)
      octokit (> 2.1.0)
      warden (> 1.0)

PLATFORMS
  ruby

DEPENDENCIES
  qless!
  rack-test (~> 0.5.3)
  rake
  randexp (~> 0.1.5)
  rspec (~> 2.4.0)
  shotgun
  sinatra_auth_github!
